GIT
  remote: https://github.com/rtomayko/rocco.git
  revision: 727c510d635ba3b6fcf18caf3b0f89e16ef7e8f3
  specs:
    rocco (0.8.2)
      mustache
      redcarpet (~> 1.17)

GEM
  remote: http://rubygems.org/
  specs:
    activesupport (3.2.2)
      i18n (~> 0.6)
      multi_json (~> 1.0)
    i18n (0.6.0)
    multi_json (1.1.0)
    mustache (0.99.4)
    pygmentize (0.0.3)
    redcarpet (1.17.2)

PLATFORMS
  ruby

DEPENDENCIES
  activesupport
  pygmentize
  rocco!
